PATH
  remote: .
  specs:
    rskdl (0.1.0)
      kdl (~> 2.0)

GEM
  remote: https://rubygems.org/
  specs:
    base64 (0.2.0)
    benchmark (0.4.0)
    bigdecimal (3.1.9)
    kdl (2.0.1)
      base64 (~> 0.2.0)
      bigdecimal (~> 3.1.6)
      racc (~> 1.5)
      simpleidn (~> 0.2.1)
    minitest (5.20.0)
    racc (1.8.1)
    rake (13.1.0)
    rake-compiler (1.2.5)
      rake
    rb_sys (0.9.108)
    simpleidn (0.2.1)
      unf (~> 0.1.4)
    unf (0.1.4)
      unf_ext
    unf_ext (0.0.9.1)
    vernier (1.5.0)

PLATFORMS
  arm64-darwin-24
  x86_64-linux

DEPENDENCIES
  benchmark (~> 0.4)
  minitest (~> 5.0)
  rake (~> 13.0)
  rake-compiler
  rb_sys (~> 0.9.108)
  rskdl!
  vernier (~> 1.0)

BUNDLED WITH
   2.4.17
